GEM
  remote: https://rubygems.org/
  specs:
    filewatcher (0.5.2)
      trollop (~> 2.0)
    rack (1.6.4)
    trollop (2.1.2)

PLATFORMS
  ruby

DEPENDENCIES
  filewatcher
  rack

BUNDLED WITH
   1.10.4
